GEM
  remote: https://rubygems.org/
  specs:
    power_assert (1.1.1)
    test-unit (3.2.8)
      power_assert

PLATFORMS
  ruby

DEPENDENCIES
  test-unit!

BUNDLED WITH
   1.16.1
